NUGET
  remote: https://www.nuget.org/api/v2
    FAKE (4.41.6)
    FSharp.FakeTargets (0.10.1)
    NuGet.CommandLine (3.4.4-rtm-final)
